GEM
  remote: http://rubygems.org/
  specs:
    execjs (1.2.0)
      multi_json (~> 1.0)
    jslint (1.1.1)
      json
    json (1.5.3)
    kramdown (0.13.3)
    multi_json (1.0.3)
    uglifier (1.0.0)
      execjs (>= 0.3.0)
      multi_json (>= 1.0.2)

PLATFORMS
  ruby

DEPENDENCIES
  jslint (~> 1.1.1)
  kramdown
  uglifier
